GEM
  remote: https://rubygems.org/
  specs:
    jwt (2.7.1)

PLATFORMS
  ruby

DEPENDENCIES
  jwt (~> 2.7)

BUNDLED WITH
   1.17.2
